GIT
  remote: git://github.com/Paxa/chronic_duration.git
  revision: 8c0d0e101bdbaf2b2299f33e7bfa880b0885a017
  ref: 8c0d0e101b
  specs:
    chronic_duration (0.9.6)
      numerizer (~> 0.1.1)

PATH
  remote: ../
  specs:
    green_monkey (0.1.2)
      chronic_duration
      haml (>= 3.1.0)
      mida_vocabulary (>= 0.1)

GEM
  remote: http://rubygems.org/
  specs:
    actionpack (3.2.2)
      activemodel (= 3.2.2)
      activesupport (= 3.2.2)
      builder (~> 3.0.0)
      erubis (~> 2.7.0)
      journey (~> 1.0.1)
      rack (~> 1.4.0)
      rack-cache (~> 1.1)
      rack-test (~> 0.6.1)
      sprockets (~> 2.1.2)
    activemodel (3.2.2)
      activesupport (= 3.2.2)
      builder (~> 3.0.0)
    activesupport (3.2.2)
      i18n (~> 0.6)
      multi_json (~> 1.0)
    blankslate (2.1.2.4)
    builder (3.0.0)
    erubis (2.7.0)
    haml (3.1.4)
    hike (1.2.1)
    i18n (0.6.0)
    journey (1.0.3)
    mida_vocabulary (0.1)
      blankslate
    multi_json (1.1.0)
    numerizer (0.1.1)
    rack (1.4.1)
    rack-cache (1.1)
      rack (>= 0.4)
    rack-protection (1.2.0)
      rack
    rack-test (0.6.1)
      rack (>= 1.0)
    sinatra (1.3.2)
      rack (~> 1.3, >= 1.3.6)
      rack-protection (~> 1.2)
      tilt (~> 1.3, >= 1.3.3)
    sprockets (2.1.2)
      hike (~> 1.2)
      rack (~> 1.0)
      tilt (~> 1.1, != 1.3.0)
    tilt (1.3.3)

PLATFORMS
  ruby

DEPENDENCIES
  actionpack
  chronic_duration!
  green_monkey!
  sinatra
